GEM
  remote: https://rubygems.org/
  specs:
    ast (2.4.0)
    docile (1.3.2)
    equatable (0.6.1)
    favicon_maker (1.3.1)
      docile (~> 1.1)
    jaro_winkler (1.5.3)
    parallel (1.17.0)
    parser (2.6.3.0)
      ast (~> 2.4.0)
    pastel (0.7.3)
      equatable (~> 0.6)
      tty-color (~> 0.5)
    ptools (1.3.5)
    rainbow (3.0.0)
    rake (12.3.3)
    rubocop (0.74.0)
      jaro_winkler (~> 1.5.1)
      parallel (~> 1.10)
      parser (>= 2.6)
      rainbow (>= 2.2.2, < 4.0)
      ruby-progressbar (~> 1.7)
      unicode-display_width (>= 1.4.0, < 1.7)
    ruby-progressbar (1.10.1)
    tty-color (0.5.0)
    unicode-display_width (1.6.0)

PLATFORMS
  ruby

DEPENDENCIES
  favicon_maker (~> 1.3.1)
  pastel (~> 0.7.3)
  ptools (~> 1.3.5)
  rake (~> 12.3.3)
  rubocop (~> 0.74.0)

BUNDLED WITH
   1.17.3
