GEM
  remote: https://rubygems.org/
  specs:
    docile (1.1.5)
    favicon_maker (1.3)
      docile (~> 1.1)
    rake (10.4.2)

PLATFORMS
  ruby

DEPENDENCIES
  favicon_maker (~> 1.3)
  rake (~> 10.4.2)

BUNDLED WITH
   1.10.6
