GEM
  remote: https://rubygems.org/
  specs:
    docile (1.1.3)
    favicon_maker (1.1.2)
      docile (~> 1.1.3)
      mini_magick (~> 3.7)
    mini_magick (3.7.0)
      subexec (~> 0.2.1)
    rake (10.3.2)
    subexec (0.2.3)

PLATFORMS
  ruby

DEPENDENCIES
  favicon_maker (~> 1.1.2)
  rake (~> 10.3.1)
