GEM
  remote: https://rubygems.org/
  specs:
    ast (2.3.0)
    docile (1.2.0)
    equatable (0.5.0)
    favicon_maker (1.3.1)
      docile (~> 1.1)
    parallel (1.12.1)
    parser (2.4.0.2)
      ast (~> 2.3)
    pastel (0.7.2)
      equatable (~> 0.5.0)
      tty-color (~> 0.4.0)
    powerpack (0.1.1)
    rainbow (3.0.0)
    rake (12.3.0)
    rubocop (0.52.1)
      parallel (~> 1.10)
      parser (>= 2.4.0.2, < 3.0)
      powerpack (~> 0.1)
      rainbow (>= 2.2.2, < 4.0)
      ruby-progressbar (~> 1.7)
      unicode-display_width (~> 1.0, >= 1.0.1)
    ruby-progressbar (1.9.0)
    tty-color (0.4.2)
    unicode-display_width (1.3.0)

PLATFORMS
  ruby

DEPENDENCIES
  favicon_maker (~> 1.3.1)
  pastel (~> 0.7.2)
  rake (~> 12.3.0)
  rubocop (~> 0.52.1)

BUNDLED WITH
   1.16.1
