GEM
  remote: https://rubygems.org/
  specs:
    ast (2.4.2)
    docile (1.4.0)
    favicon_maker (1.3.1)
      docile (~> 1.1)
    parallel (1.22.1)
    parser (3.1.2.0)
      ast (~> 2.4.1)
    pastel (0.8.0)
      tty-color (~> 0.5)
    ptools (1.4.2)
    rainbow (3.1.1)
    rake (13.0.6)
    regexp_parser (2.3.0)
    rexml (3.2.5)
    rubocop (1.27.0)
      parallel (~> 1.10)
      parser (>= 3.1.0.0)
      rainbow (>= 2.2.2, < 4.0)
      regexp_parser (>= 1.8, < 3.0)
      rexml
      rubocop-ast (>= 1.16.0, < 2.0)
      ruby-progressbar (~> 1.7)
      unicode-display_width (>= 1.4.0, < 3.0)
    rubocop-ast (1.17.0)
      parser (>= 3.1.1.0)
    rubocop-rake (0.6.0)
      rubocop (~> 1.0)
    ruby-progressbar (1.11.0)
    tty-color (0.6.0)
    unicode-display_width (2.1.0)

PLATFORMS
  ruby

DEPENDENCIES
  favicon_maker (~> 1.3.1)
  pastel (~> 0.8.0)
  ptools (~> 1.4.2)
  rake (~> 13.0.6)
  rubocop (~> 1.27.0)
  rubocop-rake (~> 0.6.0)

BUNDLED WITH
   2.3.11
