GEM
  remote: https://rubygems.org/
  specs:
    ast (2.2.0)
    docile (1.1.5)
    equatable (0.5.0)
    favicon_maker (1.3.1)
      docile (~> 1.1)
    parser (2.3.0.2)
      ast (~> 2.2)
    pastel (0.6.0)
      equatable (~> 0.5.0)
      tty-color (~> 0.3.0)
    powerpack (0.1.1)
    rainbow (2.1.0)
    rake (10.5.0)
    rubocop (0.36.0)
      parser (>= 2.3.0.0, < 3.0)
      powerpack (~> 0.1)
      rainbow (>= 1.99.1, < 3.0)
      ruby-progressbar (~> 1.7)
    ruby-progressbar (1.7.5)
    tty-color (0.3.0)

PLATFORMS
  ruby

DEPENDENCIES
  favicon_maker (~> 1.3.1)
  pastel (~> 0.6.0)
  rake (~> 10.5.0)
  rubocop (~> 0.36.0)

BUNDLED WITH
   1.11.2
